GEM
  remote: https://rubygems.org/
  specs:
    byebug (10.0.2)
    colorize (0.8.1)
    jasmine (3.1.0)
      jasmine-core (= 3.1.0)
      phantomjs
      rack (>= 1.2.1)
      rake
    jasmine-core (3.1.0)
    phantomjs (2.1.1.0)
    rack (2.0.5)
    rake (12.3.1)

PLATFORMS
  ruby

DEPENDENCIES
  byebug
  colorize
  jasmine

BUNDLED WITH
   1.16.1
